GEM
  remote: https://rubygems.org/
  specs:
    concurrent-ruby (1.2.2)
    mime-types (3.5.1)
      mime-types-data (~> 3.2015)
    mime-types-data (3.2023.1003)
    playwright-ruby-client (1.39.1)
      concurrent-ruby (>= 1.1.6)
      mime-types (>= 3.0)

PLATFORMS
  ruby

DEPENDENCIES
  playwright-ruby-client

BUNDLED WITH
   2.4.14
