GEM
  remote: https://rubygems.org/
  specs:
    coderay (1.1.3)
    concurrent-ruby (1.2.2)
    dotenv (2.8.1)
    method_source (1.0.0)
    mime-types (3.5.1)
      mime-types-data (~> 3.2015)
    mime-types-data (3.2023.1003)
    playwright-ruby-client (1.39.1)
      concurrent-ruby (>= 1.1.6)
      mime-types (>= 3.0)
    pry (0.14.2)
      coderay (~> 1.1)
      method_source (~> 1.0)

PLATFORMS
  ruby

DEPENDENCIES
  dotenv
  playwright-ruby-client
  pry

BUNDLED WITH
   2.4.14
